PATH
  remote: .
  specs:
    nanoc-html-pipeline (0.3.3)
      html-pipeline (~> 2.0)
      nanoc (>= 3.1, < 5.0)

GEM
  remote: http://rubygems.org/
  specs:
    activesupport (7.0.3)
      concurrent-ruby (~> 1.0, >= 1.0.2)
      i18n (>= 1.6, < 2)
      minitest (>= 5.1)
      tzinfo (~> 2.0)
    colored (1.2)
    concurrent-ruby (1.1.10)
    cri (2.7.0)
      colored (~> 1.2)
    gemoji (2.1.0)
    github-markdown (0.6.9)
    html-pipeline (2.14.2)
      activesupport (>= 2)
      nokogiri (>= 1.4)
    i18n (1.10.0)
      concurrent-ruby (~> 1.0)
    mini_portile2 (2.8.0)
    minitest (5.16.0)
    nanoc (3.8.0)
      cri (~> 2.3)
    nokogiri (1.13.6)
      mini_portile2 (~> 2.8.0)
      racc (~> 1.4)
    power_assert (0.2.4)
    racc (1.6.0)
    rinku (1.7.3)
    sanitize (2.1.0)
      nokogiri (>= 1.4.4)
    test-unit (3.1.5)
      power_assert
    tzinfo (2.0.4)
      concurrent-ruby (~> 1.0)

PLATFORMS
  ruby

DEPENDENCIES
  gemoji (~> 2.0)
  github-markdown (~> 0.6)
  nanoc-html-pipeline!
  rinku (~> 1.7)
  sanitize (~> 2.0)
  test-unit (~> 3.1)

BUNDLED WITH
   1.10.6
